GEM
  remote: https://rubygems.org/
  specs:
    kgio (2.8.0)
    puma (2.10.2)
      rack (>= 1.1, < 2.0)
    rack (1.5.2)
    raindrops (0.10.0)
    unicorn (4.6.2)
      kgio (~> 2.6)
      rack
      raindrops (~> 0.7)

PLATFORMS
  ruby

DEPENDENCIES
  puma
  rack
  unicorn
